GEM
  remote: https://rubygems.org/
  specs:
    actioncable (5.2.8)
      actionpack (= 5.2.8)
      nio4r (~> 2.0)
      websocket-driver (>= 0.6.1)
    actionmailer (5.2.8)
      actionpack (= 5.2.8)
      actionview (= 5.2.8)
      activejob (= 5.2.8)
      mail (~> 2.5, >= 2.5.4)
      rails-dom-testing (~> 2.0)
    actionpack (5.2.8)
      actionview (= 5.2.8)
      activesupport (= 5.2.8)
      rack (~> 2.0, >= 2.0.8)
      rack-test (>= 0.6.3)
      rails-dom-testing (~> 2.0)
      rails-html-sanitizer (~> 1.0, >= 1.0.2)
    actionview (5.2.8)
      activesupport (= 5.2.8)
      builder (~> 3.1)
      erubi (~> 1.4)
      rails-dom-testing (~> 2.0)
      rails-html-sanitizer (~> 1.0, >= 1.0.3)
    activejob (5.2.8)
      activesupport (= 5.2.8)
      globalid (>= 0.3.6)
    activemodel (5.2.8)
      activesupport (= 5.2.8)
    activerecord (5.2.8)
      activemodel (= 5.2.8)
      activesupport (= 5.2.8)
      arel (>= 9.0)
    activestorage (5.2.8)
      actionpack (= 5.2.8)
      activerecord (= 5.2.8)
      marcel (~> 1.0.0)
    activesupport (5.2.8)
      concurrent-ruby (~> 1.0, >= 1.0.2)
      i18n (>= 0.7, < 2)
      minitest (~> 5.1)
      tzinfo (~> 1.1)
    addressable (2.8.0)
      public_suffix (>= 2.0.2, < 5.0)
    arel (9.0.0)
    autoprefixer-rails (10.4.7.0)
      execjs (~> 2)
    aws_cf_signer (0.1.3)
    bcrypt (3.1.18)
    bindex (0.8.1)
    bootsnap (1.12.0)
      msgpack (~> 1.2)
    builder (3.2.4)
    byebug (11.1.3)
    carrierwave (2.2.2)
      activemodel (>= 5.0.0)
      activesupport (>= 5.0.0)
      addressable (~> 2.6)
      image_processing (~> 1.1)
      marcel (~> 1.0.0)
      mini_mime (>= 0.1.3)
      ssrf_filter (~> 1.0)
    cloudinary (1.9.1)
      aws_cf_signer
      rest-client
    coderay (1.1.3)
    concurrent-ruby (1.1.10)
    countries (5.1.0)
      sixarm_ruby_unaccent (~> 1.1)
    country_select (8.0.0)
      countries (~> 5.0)
    crass (1.0.6)
    debug (1.5.0)
      irb (>= 1.3.6)
      reline (>= 0.2.7)
    devise (4.8.1)
      bcrypt (~> 3.0)
      orm_adapter (~> 0.1)
      railties (>= 4.1.0)
      responders
      warden (~> 1.2.3)
    digest (3.1.0)
    domain_name (0.5.20190701)
      unf (>= 0.0.5, < 1.0.0)
    dotenv (2.7.6)
    dotenv-rails (2.7.6)
      dotenv (= 2.7.6)
      railties (>= 3.2)
    erubi (1.10.0)
    execjs (2.8.1)
    ffi (1.15.5)
    font-awesome-sass (5.6.1)
      sassc (>= 1.11)
    geocoder (1.8.0)
    globalid (1.0.0)
      activesupport (>= 5.0)
    gmaps4rails (2.1.2)
    http-cookie (1.0.5)
      domain_name (~> 0.5)
    i18n (1.10.0)
      concurrent-ruby (~> 1.0)
    image_processing (1.12.2)
      mini_magick (>= 4.9.5, < 5)
      ruby-vips (>= 2.0.17, < 3)
    io-console (0.5.11)
    irb (1.4.1)
      reline (>= 0.3.0)
    jbuilder (2.11.5)
      actionview (>= 5.0.0)
      activesupport (>= 5.0.0)
    launchy (2.5.0)
      addressable (~> 2.7)
    letter_opener (1.8.1)
      launchy (>= 2.2, < 3)
    listen (3.0.8)
      rb-fsevent (~> 0.9, >= 0.9.4)
      rb-inotify (~> 0.9, >= 0.9.7)
    loofah (2.18.0)
      crass (~> 1.0.2)
      nokogiri (>= 1.5.9)
    mail (2.7.1)
      mini_mime (>= 0.1.1)
    mail_interceptor (0.0.7)
      activesupport
    mailgun-ruby (1.1.11)
      rest-client (~> 2.0.2)
    marcel (1.0.2)
    method_source (1.0.0)
    mime-types (3.4.1)
      mime-types-data (~> 3.2015)
    mime-types-data (3.2022.0105)
    mini_magick (4.11.0)
    mini_mime (1.1.2)
    mini_portile2 (2.8.0)
    minitest (5.16.2)
    msgpack (1.5.3)
    mustermann (1.1.1)
      ruby2_keywords (~> 0.0.1)
    net-protocol (0.1.3)
      timeout
    net-smtp (0.3.1)
      digest
      net-protocol
      timeout
    netrc (0.11.0)
    nio4r (2.5.8)
    nokogiri (1.13.6)
      mini_portile2 (~> 2.8.0)
      racc (~> 1.4)
    open-iconic-rails (0.0.1)
      rails (>= 3.1)
    orm_adapter (0.5.0)
    pg (0.21.0)
    pry (0.13.1)
      coderay (~> 1.1)
      method_source (~> 1.0)
    pry-byebug (3.9.0)
      byebug (~> 11.0)
      pry (~> 0.13.0)
    pry-rails (0.3.9)
      pry (>= 0.10.4)
    psych (3.3.2)
    public_suffix (4.0.7)
    puma (5.6.4)
      nio4r (~> 2.0)
    racc (1.6.0)
    rack (2.2.4)
    rack-protection (2.2.0)
      rack
    rack-proxy (0.7.2)
      rack
    rack-test (2.0.2)
      rack (>= 1.3)
    rails (5.2.8)
      actioncable (= 5.2.8)
      actionmailer (= 5.2.8)
      actionpack (= 5.2.8)
      actionview (= 5.2.8)
      activejob (= 5.2.8)
      activemodel (= 5.2.8)
      activerecord (= 5.2.8)
      activestorage (= 5.2.8)
      activesupport (= 5.2.8)
      bundler (>= 1.3.0)
      railties (= 5.2.8)
      sprockets-rails (>= 2.0.0)
    rails-dom-testing (2.0.3)
      activesupport (>= 4.2.0)
      nokogiri (>= 1.6)
    rails-html-sanitizer (1.4.3)
      loofah (~> 2.3)
    railties (5.2.8)
      actionpack (= 5.2.8)
      activesupport (= 5.2.8)
      method_source
      rake (>= 0.8.7)
      thor (>= 0.19.0, < 2.0)
    rake (13.0.6)
    rb-fsevent (0.11.1)
    rb-inotify (0.10.1)
      ffi (~> 1.0)
    redis (4.7.1)
    reline (0.3.1)
      io-console (~> 0.5)
    responders (3.0.1)
      actionpack (>= 5.0)
      railties (>= 5.0)
    rest-client (2.0.2)
      http-cookie (>= 1.0.2, < 2.0)
      mime-types (>= 1.16, < 4.0)
      netrc (~> 0.8)
    ruby-vips (2.1.4)
      ffi (~> 1.12)
    ruby2_keywords (0.0.5)
    ruby_http_client (3.5.5)
    sass-rails (6.0.0)
      sassc-rails (~> 2.1, >= 2.1.1)
    sassc (2.4.0)
      ffi (~> 1.9)
    sassc-rails (2.1.2)
      railties (>= 4.0.0)
      sassc (>= 2.0)
      sprockets (> 3.0)
      sprockets-rails
      tilt
    semantic_range (3.0.0)
    send_grid_mailer (1.1.0)
      rails (>= 4.2.0)
      sendgrid-ruby (~> 4.0, >= 4.0.4)
    sendgrid-ruby (4.3.3)
      ruby_http_client (~> 3.0)
      sinatra (>= 1.4.7, < 3)
    simple_form (5.1.0)
      actionpack (>= 5.2)
      activemodel (>= 5.2)
    sinatra (2.2.0)
      mustermann (~> 1.0)
      rack (~> 2.2)
      rack-protection (= 2.2.0)
      tilt (~> 2.0)
    sixarm_ruby_unaccent (1.2.0)
    spring (2.1.1)
    spring-watcher-listen (2.0.1)
      listen (>= 2.7, < 4.0)
      spring (>= 1.2, < 3.0)
    sprockets (4.1.1)
      concurrent-ruby (~> 1.0)
      rack (> 1, < 3)
    sprockets-rails (3.4.2)
      actionpack (>= 5.2)
      activesupport (>= 5.2)
      sprockets (>= 3.0.0)
    ssrf_filter (1.0.7)
    thor (1.2.1)
    thread_safe (0.3.6)
    tilt (2.0.10)
    timeout (0.3.0)
    tzinfo (1.2.9)
      thread_safe (~> 0.1)
    uglifier (4.2.0)
      execjs (>= 0.3.0, < 3)
    unf (0.1.4)
      unf_ext
    unf_ext (0.0.8.2)
    warden (1.2.9)
      rack (>= 2.0.9)
    web-console (3.7.0)
      actionview (>= 5.0)
      activemodel (>= 5.0)
      bindex (>= 0.4.0)
      railties (>= 5.0)
    webpacker (5.4.3)
      activesupport (>= 5.2)
      rack-proxy (>= 0.6.1)
      railties (>= 5.2)
      semantic_range (>= 2.3.0)
    websocket-driver (0.7.5)
      websocket-extensions (>= 0.1.0)
    websocket-extensions (0.1.5)

PLATFORMS
  ruby

DEPENDENCIES
  autoprefixer-rails
  bootsnap
  carrierwave
  cloudinary (~> 1.9.1)
  country_select
  debug (>= 1.0.0)
  devise
  dotenv-rails
  font-awesome-sass (~> 5.6.1)
  geocoder
  gmaps4rails
  jbuilder (~> 2.0)
  letter_opener
  listen (~> 3.0.5)
  mail_interceptor
  mailgun-ruby (~> 1.1.6)
  net-smtp
  open-iconic-rails
  pg (~> 0.21)
  pry-byebug
  pry-rails
  psych (< 4)
  puma
  rails (= 5.2.8)
  redis
  sass-rails
  send_grid_mailer
  simple_form
  spring
  spring-watcher-listen (~> 2.0.0)
  uglifier
  web-console (>= 3.3.0)
  webpacker

RUBY VERSION
   ruby 3.1.2p20

BUNDLED WITH
   2.1.4
